GEM
  remote: http://rubygems.org/
  specs:
    addressable (2.2.6)
    coffee-script (2.2.0)
      coffee-script-source
      execjs
    coffee-script-source (1.1.2)
    em-websocket (0.3.1)
      addressable (>= 2.1.1)
      eventmachine (>= 0.12.9)
    eventmachine (0.12.10)
    execjs (1.2.4)
      multi_json (~> 1.0)
    growl_notify (0.0.1)
      rb-appscript
    guard (0.6.3)
      thor (~> 0.14.6)
    guard-coffeescript (0.4.1)
      coffee-script (>= 2.2.0)
      guard (>= 0.4)
    guard-livereload (0.3.1)
      em-websocket (>= 0.2.0)
      guard (>= 0.4.0)
      multi_json (~> 1.0.3)
    multi_json (1.0.3)
    rb-appscript (0.6.1)
    rb-fsevent (0.4.3.1)
    thor (0.14.6)
    yajl-ruby (0.8.3)

PLATFORMS
  ruby

DEPENDENCIES
  growl_notify
  guard
  guard-coffeescript
  guard-livereload
  rb-fsevent
  yajl-ruby
